PATH
  remote: .
  specs:
    electric_eye (0.1.3)
      construct
      filewatcher
      methadone (~> 1.9.0)
      open4
      table_print

GEM
  remote: https://rubygems.org/
  specs:
    aruba (0.6.2)
      childprocess (>= 0.3.6)
      cucumber (>= 1.1.1)
      rspec-expectations (>= 2.7.0)
    builder (3.2.2)
    childprocess (0.5.6)
      ffi (~> 1.0, >= 1.0.11)
    construct (0.1.7)
    cucumber (2.0.0)
      builder (>= 2.1.2)
      cucumber-core (~> 1.1.3)
      diff-lcs (>= 1.1.3)
      gherkin (~> 2.12)
      multi_json (>= 1.7.5, < 2.0)
      multi_test (>= 0.1.2)
    cucumber-core (1.1.3)
      gherkin (~> 2.12.0)
    diff-lcs (1.2.5)
    fakefs (0.6.7)
    ffi (1.9.8)
    filewatcher (0.5.3)
      trollop (~> 2.0)
    gem-man (0.3.0)
    gherkin (2.12.2)
      multi_json (~> 1.3)
    hpricot (0.8.6)
    json (1.8.2)
    methadone (1.9.2)
      bundler
    multi_json (1.11.0)
    multi_test (0.1.2)
    mustache (1.0.1)
    open4 (1.3.4)
    rake (10.4.2)
    rdiscount (2.1.8)
    rdoc (4.2.0)
      json (~> 1.4)
    ronn (0.7.3)
      hpricot (>= 0.8.2)
      mustache (>= 0.7.0)
      rdiscount (>= 1.5.8)
    rspec (2.99.0)
      rspec-core (~> 2.99.0)
      rspec-expectations (~> 2.99.0)
      rspec-mocks (~> 2.99.0)
    rspec-core (2.99.2)
    rspec-expectations (2.99.2)
      diff-lcs (>= 1.1.3, < 2.0)
    rspec-mocks (2.99.3)
    table_print (1.5.6)
    timecop (0.3.5)
    trollop (2.1.2)

PLATFORMS
  ruby

DEPENDENCIES
  aruba
  bundler (~> 1.7)
  electric_eye!
  fakefs
  gem-man
  rake (~> 10.0)
  rdoc
  ronn
  rspec (~> 2.99)
  timecop

BUNDLED WITH
   1.12.5
